GEM
  remote: http://rubygems.org/
  specs:
    diff-lcs (1.2.5)
    gosu (0.8.7.2)

PLATFORMS
  ruby

DEPENDENCIES
  gosu
